PATH
  remote: .
  specs:
    ruby_memcheck (3.0.0)
      nokogiri

GEM
  remote: https://rubygems.org/
  specs:
    ast (2.4.2)
    json (2.8.2)
    language_server-protocol (3.17.0.3)
    mini_portile2 (2.8.7)
    minitest (5.25.2)
    minitest-parallel_fork (2.0.0)
      minitest (>= 5.15.0)
    nokogiri (1.16.7)
      mini_portile2 (~> 2.8.2)
      racc (~> 1.4)
    parallel (1.26.3)
    parser (3.3.6.0)
      ast (~> 2.4.1)
      racc
    racc (1.8.1)
    rainbow (3.1.1)
    rake (13.2.1)
    rake-compiler (1.2.8)
      rake
    regexp_parser (2.9.3)
    rspec-core (3.13.2)
      rspec-support (~> 3.13.0)
    rspec-support (3.13.1)
    rubocop (1.69.0)
      json (~> 2.3)
      language_server-protocol (>= 3.17.0)
      parallel (~> 1.10)
      parser (>= 3.3.0.2)
      rainbow (>= 2.2.2, < 4.0)
      regexp_parser (>= 2.4, < 3.0)
      rubocop-ast (>= 1.36.1, < 2.0)
      ruby-progressbar (~> 1.7)
      unicode-display_width (>= 2.4.0, < 4.0)
    rubocop-ast (1.36.2)
      parser (>= 3.3.1.0)
    rubocop-shopify (2.15.1)
      rubocop (~> 1.51)
    ruby-progressbar (1.13.0)
    unicode-display_width (3.1.2)
      unicode-emoji (~> 4.0, >= 4.0.4)
    unicode-emoji (4.0.4)

PLATFORMS
  ruby

DEPENDENCIES
  minitest (~> 5.0)
  minitest-parallel_fork (~> 2.0)
  rake (~> 13.0)
  rake-compiler (~> 1.1)
  rspec-core
  rubocop (~> 1.22)
  rubocop-shopify (~> 2.3)
  ruby_memcheck!

BUNDLED WITH
   2.4.10
